PATH
  remote: .
  specs:
    minimization (0.2.4)
      text-table (~> 1.2)

GEM
  remote: https://rubygems.org/
  specs:
    diff-lcs (1.2.5)
    rake (10.3.2)
    rspec (3.3.0)
      rspec-core (~> 3.3.0)
      rspec-expectations (~> 3.3.0)
      rspec-mocks (~> 3.3.0)
    rspec-core (3.3.2)
      rspec-support (~> 3.3.0)
    rspec-expectations (3.3.1)
      diff-lcs (>= 1.2.0, < 2.0)
      rspec-support (~> 3.3.0)
    rspec-mocks (3.3.2)
      diff-lcs (>= 1.2.0, < 2.0)
      rspec-support (~> 3.3.0)
    rspec-support (3.3.0)
    text-table (1.2.4)

PLATFORMS
  ruby

DEPENDENCIES
  bundler (~> 1.3)
  minimization!
  rake (~> 10)
  rspec (~> 3.2)

BUNDLED WITH
   1.10.2
